GIT
  remote: https://github.com/parndt/refinerycms-i18n.git
  revision: 554f1b8aaf049467a7f6990cf268530c3af8eb3f
  specs:
    refinerycms-i18n (2.1.0.dev)
      refinerycms-core (~> 2.0)
      routing-filter (~> 0.3.0)

GIT
  remote: https://github.com/resolve/refinerycms.git
  revision: ab5c5bd5562769019f06636178f5af4b8ccd82d2
  specs:
    refinerycms (2.1.0.dev)
      bundler (~> 1.0)
      refinerycms-authentication (= 2.1.0.dev)
      refinerycms-core (= 2.1.0.dev)
      refinerycms-dashboard (= 2.1.0.dev)
      refinerycms-images (= 2.1.0.dev)
      refinerycms-pages (= 2.1.0.dev)
      refinerycms-resources (= 2.1.0.dev)
    refinerycms-authentication (2.1.0.dev)
      devise (~> 2.0.0)
      refinerycms-core (= 2.1.0.dev)
    refinerycms-core (2.1.0.dev)
      acts_as_indexed (~> 0.7.7)
      awesome_nested_set (~> 2.1.0)
      coffee-rails (~> 3.2.1)
      friendly_id (~> 4.0.1)
      globalize3 (~> 0.2.0)
      jquery-rails (~> 2.0.0)
      rails (>= 3.1.3, < 3.3)
      sass-rails (~> 3.2.3)
      truncate_html (~> 0.5)
      uglifier (>= 1.0.3)
      will_paginate (~> 3.0.2)
    refinerycms-dashboard (2.1.0.dev)
      refinerycms-core (= 2.1.0.dev)
    refinerycms-images (2.1.0.dev)
      dragonfly (~> 0.9.8)
      rack-cache (>= 0.5.3)
      refinerycms-core (= 2.1.0.dev)
    refinerycms-pages (2.1.0.dev)
      awesome_nested_set (~> 2.1.0)
      babosa (!= 0.3.6)
      refinerycms-core (= 2.1.0.dev)
      seo_meta (~> 1.2.0)
    refinerycms-resources (2.1.0.dev)
      dragonfly (~> 0.9.8)
      rack-cache (>= 0.5.3)
      refinerycms-core (= 2.1.0.dev)

GEM
  remote: https://rubygems.org/
  specs:
    actionmailer (3.2.2)
      actionpack (= 3.2.2)
      mail (~> 2.4.0)
    actionpack (3.2.2)
      activemodel (= 3.2.2)
      activesupport (= 3.2.2)
      builder (~> 3.0.0)
      erubis (~> 2.7.0)
      journey (~> 1.0.1)
      rack (~> 1.4.0)
      rack-cache (~> 1.1)
      rack-test (~> 0.6.1)
      sprockets (~> 2.1.2)
    activemodel (3.2.2)
      activesupport (= 3.2.2)
      builder (~> 3.0.0)
    activerecord (3.2.2)
      activemodel (= 3.2.2)
      activesupport (= 3.2.2)
      arel (~> 3.0.2)
      tzinfo (~> 0.3.29)
    activeresource (3.2.2)
      activemodel (= 3.2.2)
      activesupport (= 3.2.2)
    activesupport (3.2.2)
      i18n (~> 0.6)
      multi_json (~> 1.0)
    acts_as_indexed (0.7.7)
    arel (3.0.2)
    awesome_nested_set (2.1.2)
      activerecord (>= 3.0.0)
    babosa (0.3.5)
    bcrypt-ruby (3.0.1)
    builder (3.0.0)
    coffee-rails (3.2.2)
      coffee-script (>= 2.2.0)
      railties (~> 3.2.0)
    coffee-script (2.2.0)
      coffee-script-source
      execjs
    coffee-script-source (1.2.0)
    commonjs (0.2.0)
      therubyracer (~> 0.9.9)
    devise (2.0.4)
      bcrypt-ruby (~> 3.0)
      orm_adapter (~> 0.0.3)
      railties (~> 3.1)
      warden (~> 1.1.1)
    dragonfly (0.9.10)
      rack
    erubis (2.7.0)
    execjs (1.3.0)
      multi_json (~> 1.0)
    friendly_id (4.0.1)
    globalize3 (0.2.0)
      activemodel (>= 3.0.0)
      activerecord (>= 3.0.0)
      paper_trail (~> 2)
    haml (3.1.4)
    hike (1.2.1)
    i18n (0.6.0)
    journey (1.0.3)
    jquery-rails (2.0.1)
      railties (>= 3.2.0, < 5.0)
      thor (~> 0.14)
    json (1.6.5)
    less (2.0.9)
      commonjs (~> 0.2.0)
      therubyracer (~> 0.9.9)
    less-rails (2.1.6)
      actionpack (>= 3.1)
      less (~> 2.0.7)
    libv8 (3.3.10.4)
    mail (2.4.3)
      i18n (>= 0.4.0)
      mime-types (~> 1.16)
      treetop (~> 1.4.8)
    mime-types (1.17.2)
    multi_json (1.1.0)
    orm_adapter (0.0.6)
    paper_trail (2.6.0)
      rails (~> 3)
    polyglot (0.3.3)
    rack (1.4.1)
    rack-cache (1.2)
      rack (>= 0.4)
    rack-ssl (1.3.2)
      rack
    rack-test (0.6.1)
      rack (>= 1.0)
    rails (3.2.2)
      actionmailer (= 3.2.2)
      actionpack (= 3.2.2)
      activerecord (= 3.2.2)
      activeresource (= 3.2.2)
      activesupport (= 3.2.2)
      bundler (~> 1.0)
      railties (= 3.2.2)
    railties (3.2.2)
      actionpack (= 3.2.2)
      activesupport (= 3.2.2)
      rack-ssl (~> 1.3.2)
      rake (>= 0.8.7)
      rdoc (~> 3.4)
      thor (~> 0.14.6)
    rake (0.9.2.2)
    rdoc (3.12)
      json (~> 1.4)
    routing-filter (0.3.0)
      actionpack
    sass (3.1.15)
    sass-rails (3.2.4)
      railties (~> 3.2.0)
      sass (>= 3.1.10)
      tilt (~> 1.3)
    seo_meta (1.2.0)
      railties (>= 3.0.0)
    sprockets (2.1.2)
      hike (~> 1.2)
      rack (~> 1.0)
      tilt (~> 1.1, != 1.3.0)
    sqlite3 (1.3.5)
    therubyracer (0.9.10)
      libv8 (~> 3.3.10)
    thor (0.14.6)
    tilt (1.3.3)
    treetop (1.4.10)
      polyglot
      polyglot (>= 0.3.1)
    truncate_html (0.5.4)
    twitter-bootstrap-rails (2.0.3)
      actionpack (>= 3.1)
      less-rails (~> 2.1.6)
      railties (>= 3.1)
    tzinfo (0.3.32)
    uglifier (1.2.3)
      execjs (>= 0.3.0)
      multi_json (>= 1.0.2)
    warden (1.1.1)
      rack (>= 1.0)
    will_paginate (3.0.3)

PLATFORMS
  ruby

DEPENDENCIES
  coffee-rails (~> 3.2.1)
  haml
  jquery-rails
  rails (= 3.2.2)
  refinerycms!
  refinerycms-i18n!
  sass-rails (~> 3.2.3)
  sqlite3
  twitter-bootstrap-rails
  uglifier (>= 1.0.3)
